PATH
  remote: .
  specs:
    spreedly_core (0.0.4)
      activesupport
      httparty

GEM
  remote: http://rubygems.org/
  specs:
    activesupport (3.0.10)
    columnize (0.3.2)
    httparty (0.8.1)
      multi_json
      multi_xml
    linecache (0.43)
    multi_json (1.0.4)
    multi_xml (0.4.1)
    rake (0.8.7)
    ruby-debug (0.10.4)
      columnize (>= 0.1)
      ruby-debug-base (~> 0.10.4.0)
    ruby-debug-base (0.10.4)
      linecache (>= 0.3)

PLATFORMS
  ruby

DEPENDENCIES
  rake (= 0.8.7)
  ruby-debug
  spreedly_core!
